GEM
  remote: http://rubygems.org/
  specs:
    daemons (1.0.10)
    gem_plugin (0.2.3)
    mongrel (1.2.0.pre2)
      daemons (~> 1.0.10)
      gem_plugin (~> 0.2.3)
    pg (0.14.0)
    press (0.10)
    rack (1.4.1)
    rack-protection (1.2.0)
      rack
    sequel (3.38.0)
    sinatra (1.3.3)
      rack (~> 1.3, >= 1.3.6)
      rack-protection (~> 1.2)
      tilt (~> 1.3, >= 1.3.3)
    tilt (1.3.3)

PLATFORMS
  ruby

DEPENDENCIES
  mongrel (~> 1.2.0.pre2)
  pg
  press
  sequel (~> 3)
  sinatra (~> 1.3)
